GEM
  specs:
    docker-api (1.34.0)
      excon (>= 0.47.0)
      multi_json
    docker-swarm-api (1.2.5)
      docker-api (>= 1.33.1)
      json
      retry_block (>= 1.2.0)
    excon (0.60.0)
    json (1.8.3)
    multi_json (1.12.1)
    retry_block (1.2.0)

PLATFORMS
  ruby

DEPENDENCIES
  docker-swarm-api

BUNDLED WITH
   1.14.6
